GEM
  remote: https://rubygems.org/
  specs:
    datadog_api_client (2.19.0)
      httparty (~> 0.20, >= 0.20.0)
      uuidtools (~> 2.1.5, >= 2.1.5)
      zeitwerk (~> 2.6, >= 2.6.0)
    dotenv (2.7.6)
    faraday (2.3.0)
      faraday-net_http (~> 2.0)
      ruby2_keywords (>= 0.0.4)
    faraday-net_http (2.0.3)
    httparty (0.21.0)
      mini_mime (>= 1.0.0)
      multi_xml (>= 0.5.2)
    mini_mime (1.1.5)
    multi_xml (0.6.0)
    ruby2_keywords (0.0.5)
    uuidtools (2.1.5)
    zeitwerk (2.6.12)

PLATFORMS
  x86_64-darwin-20

DEPENDENCIES
  datadog_api_client
  dotenv (~> 2.7, >= 2.7.6)
  faraday (~> 2.3)

BUNDLED WITH
   2.2.27
