GEM
  remote: https://rubygems.org/
  specs:
    dotenv (2.7.6)
    faraday (2.3.0)
      faraday-net_http (~> 2.0)
      ruby2_keywords (>= 0.0.4)
    faraday-net_http (2.0.3)
    ruby2_keywords (0.0.5)

PLATFORMS
  x86_64-darwin-20

DEPENDENCIES
  dotenv (~> 2.7, >= 2.7.6)
  faraday (~> 2.3)

BUNDLED WITH
   2.2.27
